GEM
  remote: http://rubygems.org/
  specs:
    actionmailer (2.1.2)
      actionpack (= 2.1.2)
    actionpack (2.1.2)
      activesupport (= 2.1.2)
    activerecord (2.1.2)
      activesupport (= 2.1.2)
    activeresource (2.1.2)
      activesupport (= 2.1.2)
    activesupport (2.1.2)
    addressable (2.2.8)
    faraday (0.5.7)
      addressable (~> 2.2.4)
      multipart-post (~> 1.1.0)
      rack (>= 1.1.0, < 2)
    faraday_middleware (0.3.2)
      faraday (~> 0.5.4)
    hashie (1.0.0)
    multi_json (0.0.5)
    multi_xml (0.2.2)
    multipart-post (1.1.5)
    rack (1.4.1)
    rails (2.1.2)
      actionmailer (= 2.1.2)
      actionpack (= 2.1.2)
      activerecord (= 2.1.2)
      activeresource (= 2.1.2)
      activesupport (= 2.1.2)
      rake (>= 0.8.1)
    rake (0.9.2.2)
    simple_oauth (0.1.8)
    sqlite3 (1.3.6)
    twitter (1.1.2)
      faraday (~> 0.5.4)
      faraday_middleware (~> 0.3.1)
      hashie (~> 1.0.0)
      multi_json (~> 0.0.5)
      multi_xml (~> 0.2.0)
      simple_oauth (~> 0.1.3)

PLATFORMS
  ruby

DEPENDENCIES
  rails (= 2.1.2)
  sqlite3
  twitter (= 1.1.2)
